GEM
  remote: https://rubygems.org/
  specs:
    i18n (0.7.0)
    rdiscount (2.1.8)

PLATFORMS
  ruby

DEPENDENCIES
  i18n
  rdiscount

BUNDLED WITH
   1.10.6
