GEM
  remote: https://rubygems.org/
  specs:
    i18n (0.7.0)
    mini_portile2 (2.0.0)
    nokogiri (1.6.7.2)
      mini_portile2 (~> 2.0.0.rc2)
    rdiscount (2.1.8)

PLATFORMS
  ruby

DEPENDENCIES
  i18n
  nokogiri
  rdiscount
